PATH
  remote: .
  specs:
    perf (0.1.0)

GEM
  remote: https://rubygems.org/
  specs:

PLATFORMS
  ruby

DEPENDENCIES
  perf!

BUNDLED WITH
   2.1.4
