PATH
  remote: .
  specs:
    octoface (0.1.0)

GEM
  remote: https://rubygems.org/
  specs:

PLATFORMS
  ruby

DEPENDENCIES
  octoface!

BUNDLED WITH
   2.1.4
