PATH
  remote: .
  specs:
    comments (0.0.1)
      active_record_union
      mini_magick (>= 4.9.4)
      nokogiri (>= 1.10.4)
      translit

GEM
  remote: https://rubygems.org/
  specs:
    active_record_union (1.3.0)
      activerecord (>= 4.0)
    activemodel (7.1.3.4)
      activesupport (= 7.1.3.4)
    activerecord (7.1.3.4)
      activemodel (= 7.1.3.4)
      activesupport (= 7.1.3.4)
      timeout (>= 0.4.0)
    activesupport (7.1.3.4)
      base64
      bigdecimal
      concurrent-ruby (~> 1.0, >= 1.0.2)
      connection_pool (>= 2.2.5)
      drb
      i18n (>= 1.6, < 2)
      minitest (>= 5.1)
      mutex_m
      tzinfo (~> 2.0)
    annotate (3.2.0)
      activerecord (>= 3.2, < 8.0)
      rake (>= 10.4, < 14.0)
    base64 (0.2.0)
    bigdecimal (3.1.8)
    concurrent-ruby (1.3.3)
    connection_pool (2.4.1)
    drb (2.2.1)
    i18n (1.14.5)
      concurrent-ruby (~> 1.0)
    mini_magick (4.13.1)
    mini_portile2 (2.8.7)
    minitest (5.23.1)
    mutex_m (0.2.0)
    nokogiri (1.15.6)
      mini_portile2 (~> 2.8.2)
      racc (~> 1.4)
    racc (1.8.0)
    rake (13.2.1)
    timeout (0.4.1)
    translit (0.1.5)
    tzinfo (2.0.6)
      concurrent-ruby (~> 1.0)

PLATFORMS
  ruby

DEPENDENCIES
  annotate
  comments!
  tzinfo-data

BUNDLED WITH
   2.1.4
