PATH
  remote: .
  specs:
    reports (0.0.1)

GEM
  remote: https://rubygems.org/
  specs:

PLATFORMS
  ruby

DEPENDENCIES
  reports!

BUNDLED WITH
   2.1.4
